GIT
  remote: https://github.com/secureCodeBox/ruby-scanner-scaffolding.git
  revision: fff6c92edffb1f55bde432156ffd60c38c034e49
  tag: v1.0.0
  specs:
    ruby-scanner-scaffolding (1.0.0)

GEM
  remote: https://rubygems.org/
  specs:
    activesupport (6.0.2.1)
      concurrent-ruby (~> 1.0, >= 1.0.2)
      i18n (>= 0.7, < 2)
      minitest (~> 5.1)
      tzinfo (~> 1.1)
      zeitwerk (~> 2.2)
    addressable (2.7.0)
      public_suffix (>= 2.0.2, < 5.0)
    cms_scanner (0.8.1)
      get_process_mem (~> 0.2.5)
      nokogiri (~> 1.10.4)
      opt_parse_validator (~> 1.8.1)
      public_suffix (>= 3.0, < 4.1)
      ruby-progressbar (~> 1.10.0)
      sys-proctable (~> 1.2.2)
      typhoeus (~> 1.3.0)
      xmlrpc (~> 0.3)
      yajl-ruby (~> 1.4.1)
    concurrent-ruby (1.1.5)
    domain_name (0.5.20180417)
      unf (>= 0.0.5, < 1.0.0)
    ethon (0.12.0)
      ffi (>= 1.3.0)
    ffi (1.12.1)
    ffi (1.12.1-x64-mingw32)
    get_process_mem (0.2.5)
      ffi (~> 1.0)
    http-cookie (1.0.3)
      domain_name (~> 0.5)
    i18n (1.8.2)
      concurrent-ruby (~> 1.0)
    mime-types (3.2.2)
      mime-types-data (~> 3.2015)
    mime-types-data (3.2019.0331)
    mini_portile2 (2.4.0)
    minitest (5.14.0)
    mustermann (1.0.3)
    netrc (0.11.0)
    nokogiri (1.10.8)
      mini_portile2 (~> 2.4.0)
    nokogiri (1.10.8-x64-mingw32)
      mini_portile2 (~> 2.4.0)
    opt_parse_validator (1.8.1)
      activesupport (> 4.2, < 6.1.0)
      addressable (>= 2.5, < 2.8)
    public_suffix (4.0.3)
    rack (2.1.1)
    rack-protection (2.0.5)
      rack
    rest-client (2.0.2)
      http-cookie (>= 1.0.2, < 2.0)
      mime-types (>= 1.16, < 4.0)
      netrc (~> 0.8)
    rest-client (2.0.2-x64-mingw32)
      ffi (~> 1.9)
      http-cookie (>= 1.0.2, < 2.0)
      mime-types (>= 1.16, < 4.0)
      netrc (~> 0.8)
    ruby-progressbar (1.10.1)
    sinatra (2.0.5)
      mustermann (~> 1.0)
      rack (~> 2.0)
      rack-protection (= 2.0.5)
      tilt (~> 2.0)
    sys-proctable (1.2.2)
      ffi
    thread_safe (0.3.6)
    tilt (2.0.9)
    typhoeus (1.3.1)
      ethon (>= 0.9.0)
    tzinfo (1.2.6)
      thread_safe (~> 0.1)
    unf (0.1.4)
      unf_ext
    unf_ext (0.0.7.6)
    wpscan (3.7.7)
      cms_scanner (~> 0.8.1)
    xmlrpc (0.3.0)
    yajl-ruby (1.4.1)
    zeitwerk (2.2.2)

PLATFORMS
  ruby
  x64-mingw32

DEPENDENCIES
  rest-client
  ruby-scanner-scaffolding!
  sinatra
  wpscan (= 3.7.7)

BUNDLED WITH
   2.1.4
